GEM
  remote: http://rubygems.org/
  specs:
    byebug (9.0.6)
    rack (2.0.1)
    roda (2.22.0)
      rack
    sequel (4.42.1)
    sqlite3 (1.3.12)

PLATFORMS
  ruby

DEPENDENCIES
  byebug
  roda
  sequel
  sqlite3

BUNDLED WITH
   1.13.2
