GEM
  remote: http://rubygems.org/
  specs:
    diff-lcs (1.3)
    rack (2.0.1)
    roda (2.22.0)
      rack
    rspec (3.5.0)
      rspec-core (~> 3.5.0)
      rspec-expectations (~> 3.5.0)
      rspec-mocks (~> 3.5.0)
    rspec-core (3.5.4)
      rspec-support (~> 3.5.0)
    rspec-expectations (3.5.0)
      diff-lcs (>= 1.2.0, < 2.0)
      rspec-support (~> 3.5.0)
    rspec-mocks (3.5.0)
      diff-lcs (>= 1.2.0, < 2.0)
      rspec-support (~> 3.5.0)
    rspec-support (3.5.0)
    sequel (4.42.1)
    sqlite3 (1.3.12)

PLATFORMS
  ruby

DEPENDENCIES
  roda
  rspec
  sequel
  sqlite3

BUNDLED WITH
   1.13.2
