GEM
  remote: http://rubygems.org/
  specs:
    byebug (9.0.6)
    diff-lcs (1.3)
    inflecto (0.0.2)
    rack (2.0.1)
    rack-test (0.6.3)
      rack (>= 1.0)
    roda (2.22.0)
      rack
    rspec (3.5.0)
      rspec-core (~> 3.5.0)
      rspec-expectations (~> 3.5.0)
      rspec-mocks (~> 3.5.0)
    rspec-core (3.5.4)
      rspec-support (~> 3.5.0)
    rspec-expectations (3.5.0)
      diff-lcs (>= 1.2.0, < 2.0)
      rspec-support (~> 3.5.0)
    rspec-its (1.2.0)
      rspec-core (>= 3.0.0)
      rspec-expectations (>= 3.0.0)
    rspec-mocks (3.5.0)
      diff-lcs (>= 1.2.0, < 2.0)
      rspec-support (~> 3.5.0)
    rspec-roda (0.1.1)
      inflecto
      rack-test
      roda
      rspec (~> 3.0)
      rspec-its (~> 1.2.0)
    rspec-support (3.5.0)
    sequel (4.42.1)
    sqlite3 (1.3.12)

PLATFORMS
  ruby

DEPENDENCIES
  byebug
  roda
  rspec-roda
  sequel
  sqlite3

BUNDLED WITH
   1.13.2
